GEM
  remote: http://rubygems.org/
  specs:
    bitescript (0.1.0)
    diff-lcs (1.1.3)
    mirah (0.0.10-java)
      bitescript (>= 0.0.8)
    rspec (2.9.0)
      rspec-core (~> 2.9.0)
      rspec-expectations (~> 2.9.0)
      rspec-mocks (~> 2.9.0)
    rspec-core (2.9.0)
    rspec-expectations (2.9.1)
      diff-lcs (~> 1.1.3)
    rspec-mocks (2.9.0)

PLATFORMS
  java

DEPENDENCIES
  mirah
  rspec
